PATH
  remote: .
  specs:
    statraptor (0.2.1)
      activeresource (>= 2.3.5)
      json (>= 1.4.6)
      rest-client (>= 1.6.6)
      typhoeus (>= 0.3.3)

GEM
  remote: http://rubygems.org/
  specs:
    activemodel (3.2.1)
      activesupport (= 3.2.1)
      builder (~> 3.0.0)
    activeresource (3.2.1)
      activemodel (= 3.2.1)
      activesupport (= 3.2.1)
    activesupport (3.2.1)
      i18n (~> 0.6)
      multi_json (~> 1.0)
    addressable (2.2.6)
    builder (3.0.0)
    crack (0.3.1)
    diff-lcs (1.1.3)
    ffi (1.0.11)
    growl (1.0.3)
    guard (1.0.0)
      ffi (>= 0.5.0)
      thor (~> 0.14.6)
    guard-rspec (0.6.0)
      guard (>= 0.10.0)
    i18n (0.6.0)
    json (1.6.5)
    macaddr (1.5.0)
      systemu (>= 2.4.0)
    mime-types (1.17.2)
    multi_json (1.1.0)
    rake (0.9.2.2)
    rb-fsevent (0.9.0)
    rest-client (1.6.7)
      mime-types (>= 1.16)
    rspec (2.8.0)
      rspec-core (~> 2.8.0)
      rspec-expectations (~> 2.8.0)
      rspec-mocks (~> 2.8.0)
    rspec-core (2.8.0)
    rspec-expectations (2.8.0)
      diff-lcs (~> 1.1.2)
    rspec-mocks (2.8.0)
    systemu (2.4.2)
    thor (0.14.6)
    typhoeus (0.3.3)
      mime-types
    uuid (2.3.5)
      macaddr (~> 1.0)
    vcr (2.0.0.rc1)
    webmock (1.7.10)
      addressable (~> 2.2, > 2.2.5)
      crack (>= 0.1.7)

PLATFORMS
  ruby

DEPENDENCIES
  growl (~> 1.0.3)
  guard-rspec (~> 0.6.0)
  rake (~> 0.9.2)
  rb-fsevent (~> 0.9.0)
  rspec (~> 2.8.0)
  statraptor!
  uuid (~> 2.3.5)
  vcr (= 2.0.0.rc1)
  webmock (= 1.7.10)
