PATH
  remote: .
  specs:
    statraptor (0.1.0)
      activeresource (>= 2.3.5)

GEM
  remote: http://rubygems.org/
  specs:
    activemodel (3.2.1)
      activesupport (= 3.2.1)
      builder (~> 3.0.0)
    activeresource (3.2.1)
      activemodel (= 3.2.1)
      activesupport (= 3.2.1)
    activesupport (3.2.1)
      i18n (~> 0.6)
      multi_json (~> 1.0)
    builder (3.0.0)
    diff-lcs (1.1.3)
    factory_girl (2.5.2)
      activesupport (>= 2.3.9)
    ffi (1.0.11)
    growl (1.0.3)
    guard (1.0.0)
      ffi (>= 0.5.0)
      thor (~> 0.14.6)
    guard-rspec (0.6.0)
      guard (>= 0.10.0)
    i18n (0.6.0)
    multi_json (1.0.4)
    rake (0.9.2.2)
    rb-fsevent (0.9.0)
    rspec (2.8.0)
      rspec-core (~> 2.8.0)
      rspec-expectations (~> 2.8.0)
      rspec-mocks (~> 2.8.0)
    rspec-core (2.8.0)
    rspec-expectations (2.8.0)
      diff-lcs (~> 1.1.2)
    rspec-mocks (2.8.0)
    thor (0.14.6)

PLATFORMS
  ruby

DEPENDENCIES
  factory_girl (~> 2.5.2)
  growl (~> 1.0.3)
  guard-rspec (~> 0.6.0)
  rake (~> 0.9.2)
  rb-fsevent (~> 0.9.0)
  rspec (~> 2.8.0)
  statraptor!
